GIT
  remote: https://github.com/ccutrer/yard.git
  revision: 135341bffab14d3491938b7cc0845f1d9be90d11
  branch: integration
  specs:
    yard (0.9.37)

PATH
  remote: .
  specs:
    openhab-scripting (5.40.1)
      bundler (~> 2.2)
      marcel (~> 1.0)
      method_source (~> 1.0)

GEM
  remote: https://rubygems.org/
  specs:
    ast (2.4.3)
    bigdecimal (3.1.9)
    bigdecimal (3.1.9-java)
    builder (3.3.0)
    coderay (1.1.3)
    commonmarker (2.0.1-arm64-darwin)
    commonmarker (2.0.1-x86_64-darwin)
    commonmarker (2.0.1-x86_64-linux)
    concurrent-ruby (1.3.5)
    csv (3.3.4)
    cucumber (9.2.1)
      builder (~> 3.2)
      cucumber-ci-environment (> 9, < 11)
      cucumber-core (> 13, < 14)
      cucumber-cucumber-expressions (~> 17.0)
      cucumber-gherkin (> 24, < 28)
      cucumber-html-formatter (> 20.3, < 22)
      cucumber-messages (> 19, < 25)
      diff-lcs (~> 1.5)
      mini_mime (~> 1.1)
      multi_test (~> 1.1)
      sys-uname (~> 1.2)
    cucumber-ci-environment (10.0.1)
    cucumber-core (13.0.3)
      cucumber-gherkin (>= 27, < 28)
      cucumber-messages (>= 20, < 23)
      cucumber-tag-expressions (> 5, < 7)
    cucumber-cucumber-expressions (17.1.0)
      bigdecimal
    cucumber-gherkin (27.0.0)
      cucumber-messages (>= 19.1.4, < 23)
    cucumber-html-formatter (21.9.0)
      cucumber-messages (> 19, < 28)
    cucumber-messages (22.0.0)
    cucumber-tag-expressions (6.1.2)
    cuke_linter (1.3.0)
      cuke_modeler (>= 1.5, < 4.0)
    cuke_modeler (3.24.0)
      cucumber-gherkin (< 33.0)
    date (3.4.1)
    date (3.4.1-java)
    debug (1.10.0)
      irb (~> 1.10)
      reline (>= 0.3.8)
    diff-lcs (1.6.1)
    ffi (1.17.2-arm64-darwin)
    ffi (1.17.2-java)
    ffi (1.17.2-x86_64-darwin)
    ffi (1.17.2-x86_64-linux-gnu)
    gem-release (2.2.4)
    gene_pool (1.5.0)
      concurrent-ruby (>= 1.0)
    httparty (0.23.1)
      csv
      mini_mime (>= 1.0.0)
      multi_xml (>= 0.5.2)
    io-console (0.8.0)
    io-console (0.8.0-java)
    irb (1.15.2)
      pp (>= 0.6.0)
      rdoc (>= 4.0.0)
      reline (>= 0.4.2)
    jar-dependencies (0.4.1)
    json (2.13.2)
    json (2.13.2-java)
    language_server-protocol (3.17.0.5)
    lint_roller (1.1.0)
    marcel (1.0.4)
    method_source (1.1.0)
    mini_mime (1.1.5)
    multi_test (1.1.0)
    multi_xml (0.7.1)
      bigdecimal (~> 3.1)
    nio4r (2.7.4)
    nio4r (2.7.4-java)
    nokogiri (1.18.7-arm64-darwin)
      racc (~> 1.4)
    nokogiri (1.18.7-java)
      racc (~> 1.4)
    nokogiri (1.18.7-x86_64-darwin)
      racc (~> 1.4)
    nokogiri (1.18.7-x86_64-linux-gnu)
      racc (~> 1.4)
    parallel (1.27.0)
    parser (3.3.9.0)
      ast (~> 2.4.1)
      racc
    pastel (0.8.0)
      tty-color (~> 0.5)
    persistent_http (1.0.6)
      gene_pool (>= 1.3)
    persistent_httparty (0.1.2)
      httparty (~> 0.9)
      persistent_http (< 2)
    pp (0.6.2)
      prettyprint
    prettyprint (0.2.0)
    prism (1.4.0)
    process_exists (0.2.0)
    psych (5.2.3)
      date
      stringio
    psych (5.2.3-java)
      date
      jar-dependencies (>= 0.1.7)
    puma (6.6.0)
      nio4r (~> 2.0)
    racc (1.8.1)
    racc (1.8.1-java)
    rack (3.1.13)
    rackup (2.2.1)
      rack (>= 3)
    rainbow (3.1.1)
    rake (13.2.1)
    rdoc (6.13.1)
      psych (>= 4.0.0)
    regexp_parser (2.11.2)
    reline (0.6.1)
      io-console (~> 0.5)
    rspec (3.13.0)
      rspec-core (~> 3.13.0)
      rspec-expectations (~> 3.13.0)
      rspec-mocks (~> 3.13.0)
    rspec-core (3.13.3)
      rspec-support (~> 3.13.0)
    rspec-expectations (3.13.3)
      diff-lcs (>= 1.2.0, < 2.0)
      rspec-support (~> 3.13.0)
    rspec-mocks (3.13.2)
      diff-lcs (>= 1.2.0, < 2.0)
      rspec-support (~> 3.13.0)
    rspec-support (3.13.2)
    rubocop (1.80.1)
      json (~> 2.3)
      language_server-protocol (~> 3.17.0.2)
      lint_roller (~> 1.1.0)
      parallel (~> 1.10)
      parser (>= 3.3.0.2)
      rainbow (>= 2.2.2, < 4.0)
      regexp_parser (>= 2.9.3, < 3.0)
      rubocop-ast (>= 1.46.0, < 2.0)
      ruby-progressbar (~> 1.7)
      unicode-display_width (>= 2.4.0, < 4.0)
    rubocop-ast (1.46.0)
      parser (>= 3.3.7.2)
      prism (~> 1.4)
    rubocop-inst (1.2.2)
      rubocop (~> 1.72, >= 1.72.1)
      rubocop-performance (~> 1.24)
    rubocop-performance (1.25.0)
      lint_roller (~> 1.1)
      rubocop (>= 1.75.0, < 2.0)
      rubocop-ast (>= 1.38.0, < 2.0)
    rubocop-rake (0.7.1)
      lint_roller (~> 1.1)
      rubocop (>= 1.72.1)
    rubocop-rspec (3.5.0)
      lint_roller (~> 1.1)
      rubocop (~> 1.72, >= 1.72.1)
    ruby-progressbar (1.13.0)
    stringio (3.1.6)
    sys-uname (1.3.1)
      ffi (~> 1.1)
    timecop (0.9.10)
    tty-color (0.6.0)
    tty-command (0.10.1)
      pastel (~> 0.8)
    unicode-display_width (3.1.5)
      unicode-emoji (~> 4.0, >= 4.0.4)
    unicode-emoji (4.0.4)
    yaml-lint (0.1.2)

PLATFORMS
  arm64-darwin
  universal-java
  x86_64-darwin
  x86_64-linux

DEPENDENCIES
  coderay (~> 1.1.3)
  commonmarker (~> 2.0)
  cucumber (~> 9.2)
  cuke_linter (~> 1.2)
  debug (~> 1.9)
  gem-release (~> 2.2)
  httparty (~> 0.20)
  irb (~> 1.15)
  jar-dependencies (= 0.4.1)
  nokogiri (~> 1.15)
  openhab-scripting!
  persistent_httparty (~> 0.1)
  process_exists (~> 0.2)
  puma (~> 6.6)
  rackup (~> 2.2)
  rake (~> 13.0)
  rspec (~> 3.11)
  rubocop-inst (~> 1.0)
  rubocop-rake (~> 0.6)
  rubocop-rspec (~> 3.5)
  timecop (~> 0.9)
  tty-command (~> 0.10)
  yaml-lint (~> 0.0)
  yard!

BUNDLED WITH
   2.6.6
