GIT
  remote: https://github.com/ccutrer/yard.git
  revision: 4eb15c57c85628d7ef644e9307f4ad2f7d78e948
  branch: integration
  specs:
    yard (0.9.28)
      webrick (~> 1.7.0)

PATH
  remote: .
  specs:
    openhab-scripting (5.16.0)
      bundler (~> 2.2)
      marcel (~> 1.0)
      method_source (~> 1.0)
      ruby2_keywords (~> 0.0)

GEM
  remote: https://rubygems.org/
  specs:
    ast (2.4.2)
    builder (3.2.4)
    coderay (1.1.3)
    commonmarker (0.23.10)
    concurrent-ruby (1.2.2)
    cucumber (8.0.0)
      builder (~> 3.2, >= 3.2.4)
      cucumber-ci-environment (~> 9.0, >= 9.0.4)
      cucumber-core (~> 11.0, >= 11.0.0)
      cucumber-cucumber-expressions (~> 15.1, >= 15.1.1)
      cucumber-gherkin (~> 23.0, >= 23.0.1)
      cucumber-html-formatter (~> 19.1, >= 19.1.0)
      cucumber-messages (~> 18.0, >= 18.0.0)
      diff-lcs (~> 1.5, >= 1.5.0)
      mime-types (~> 3.4, >= 3.4.1)
      multi_test (~> 1.1, >= 1.1.0)
      sys-uname (~> 1.2, >= 1.2.2)
    cucumber-ci-environment (9.2.0)
    cucumber-core (11.0.0)
      cucumber-gherkin (~> 23.0, >= 23.0.1)
      cucumber-messages (~> 18.0, >= 18.0.0)
      cucumber-tag-expressions (~> 4.1, >= 4.1.0)
    cucumber-cucumber-expressions (15.2.0)
    cucumber-gherkin (23.0.1)
      cucumber-messages (~> 18.0, >= 18.0.0)
    cucumber-html-formatter (19.2.0)
      cucumber-messages (~> 18.0, >= 18.0.0)
    cucumber-messages (18.0.0)
    cucumber-tag-expressions (4.1.0)
    cuke_linter (1.3.0)
      cuke_modeler (>= 1.5, < 4.0)
    cuke_modeler (3.20.1)
      cucumber-gherkin (< 28.0)
    daemons (1.4.1)
    debug (1.9.1)
      irb (~> 1.10)
      reline (>= 0.3.8)
    diff-lcs (1.5.0)
    eventmachine (1.2.7)
    eventmachine (1.2.7-java)
    ffi (1.16.3)
    ffi (1.16.3-java)
    gem-release (2.2.2)
    gene_pool (1.5.0)
      concurrent-ruby (>= 1.0)
    httparty (0.21.0)
      mini_mime (>= 1.0.0)
      multi_xml (>= 0.5.2)
    io-console (0.7.1)
    io-console (0.7.1-java)
    irb (1.11.1)
      rdoc
      reline (>= 0.4.2)
    jar-dependencies (0.4.1)
    json (2.7.1)
    json (2.7.1-java)
    language_server-protocol (3.17.0.3)
    marcel (1.0.2)
    method_source (1.0.0)
    mime-types (3.5.2)
      mime-types-data (~> 3.2015)
    mime-types-data (3.2023.1205)
    mini_mime (1.1.5)
    multi_test (1.1.0)
    multi_xml (0.6.0)
    nokogiri (1.16.0-arm64-darwin)
      racc (~> 1.4)
    nokogiri (1.16.0-java)
      racc (~> 1.4)
    nokogiri (1.16.0-x86_64-darwin)
      racc (~> 1.4)
    nokogiri (1.16.0-x86_64-linux)
      racc (~> 1.4)
    parallel (1.24.0)
    parser (3.3.0.2)
      ast (~> 2.4.1)
      racc
    pastel (0.8.0)
      tty-color (~> 0.5)
    persistent_http (1.0.6)
      gene_pool (>= 1.3)
    persistent_httparty (0.1.2)
      httparty (~> 0.9)
      persistent_http (< 2)
    process_exists (0.2.0)
    psych (5.1.2)
      stringio
    psych (5.1.2-java)
      jar-dependencies (>= 0.1.7)
    racc (1.7.3)
    racc (1.7.3-java)
    rack (2.2.8)
    rainbow (3.1.1)
    rake (13.1.0)
    rdoc (6.6.2)
      psych (>= 4.0.0)
    regexp_parser (2.9.0)
    reline (0.4.2)
      io-console (~> 0.5)
    rexml (3.2.6)
    rspec (3.12.0)
      rspec-core (~> 3.12.0)
      rspec-expectations (~> 3.12.0)
      rspec-mocks (~> 3.12.0)
    rspec-core (3.12.2)
      rspec-support (~> 3.12.0)
    rspec-expectations (3.12.3)
      diff-lcs (>= 1.2.0, < 2.0)
      rspec-support (~> 3.12.0)
    rspec-mocks (3.12.6)
      diff-lcs (>= 1.2.0, < 2.0)
      rspec-support (~> 3.12.0)
    rspec-support (3.12.1)
    rubocop (1.57.2)
      json (~> 2.3)
      language_server-protocol (>= 3.17.0)
      parallel (~> 1.10)
      parser (>= 3.2.2.4)
      rainbow (>= 2.2.2, < 4.0)
      regexp_parser (>= 1.8, < 3.0)
      rexml (>= 3.2.5, < 4.0)
      rubocop-ast (>= 1.28.1, < 2.0)
      ruby-progressbar (~> 1.7)
      unicode-display_width (>= 2.4.0, < 3.0)
    rubocop-ast (1.30.0)
      parser (>= 3.2.1.0)
    rubocop-capybara (2.20.0)
      rubocop (~> 1.41)
    rubocop-factory_bot (2.25.1)
      rubocop (~> 1.41)
    rubocop-inst (1.0.2)
      rubocop (~> 1.50)
      rubocop-performance (~> 1.17)
    rubocop-performance (1.20.2)
      rubocop (>= 1.48.1, < 2.0)
      rubocop-ast (>= 1.30.0, < 2.0)
    rubocop-rake (0.6.0)
      rubocop (~> 1.0)
    rubocop-rspec (2.26.1)
      rubocop (~> 1.40)
      rubocop-capybara (~> 2.17)
      rubocop-factory_bot (~> 2.22)
    ruby-progressbar (1.13.0)
    ruby2_keywords (0.0.5)
    stringio (3.1.0)
    sys-uname (1.2.3)
      ffi (~> 1.1)
    thin (1.8.2)
      daemons (~> 1.0, >= 1.0.9)
      eventmachine (~> 1.0, >= 1.0.4)
      rack (>= 1, < 3)
    timecop (0.9.8)
    tty-color (0.6.0)
    tty-command (0.10.1)
      pastel (~> 0.8)
    unicode-display_width (2.5.0)
    webrick (1.7.0)
    yaml-lint (0.1.2)

PLATFORMS
  arm64-darwin
  universal-java
  x86_64-darwin
  x86_64-linux

DEPENDENCIES
  coderay (~> 1.1.3)
  commonmarker
  cucumber (~> 8.0)
  cuke_linter (~> 1.2)
  debug (~> 1.9)
  gem-release (~> 2.2)
  httparty (~> 0.20)
  irb (~> 1.6)
  nokogiri (~> 1.15)
  openhab-scripting!
  persistent_httparty (~> 0.1)
  process_exists (~> 0.2)
  rake (~> 13.0)
  rspec (~> 3.11)
  rubocop (~> 1.57.2)
  rubocop-inst (~> 1.0)
  rubocop-rake (~> 0.6)
  rubocop-rspec (~> 2.11)
  thin (~> 1.8.1)
  timecop (~> 0.9)
  tty-command (~> 0.10)
  yaml-lint (~> 0.0)
  yard!

BUNDLED WITH
   2.4.22
